GEM
  remote: https://rubygems.org/
  specs:
    backports (2.7.1)
    eventmachine (1.0.0)
    rack (1.5.1)
    rack-protection (1.3.2)
      rack
    rack-test (0.6.2)
      rack (>= 1.0)
    ruby-notify-my-android (0.4.1)
      xml-simple (>= 1.0.15)
    sinatra (1.3.4)
      rack (~> 1.4)
      rack-protection (~> 1.3)
      tilt (~> 1.3, >= 1.3.3)
    sinatra-contrib (1.3.2)
      backports (>= 2.0)
      eventmachine
      rack-protection
      rack-test
      sinatra (~> 1.3.0)
      tilt (~> 1.3)
    tilt (1.3.3)
    xml-simple (1.1.2)

PLATFORMS
  ruby

DEPENDENCIES
  ruby-notify-my-android (~> 0.4)
  sinatra (~> 1.3)
  sinatra-contrib (~> 1.3)
